GIT
  remote: git://github.com/mitchellh/vagrant
  revision: e9184ed6f9b89d68fc4d253b6913d68a05c677ef
  specs:
    vagrant (1.4.0.dev)
      childprocess (~> 0.3.7)
      erubis (~> 2.7.0)
      i18n (~> 0.6.0)
      log4r (~> 1.1.9)
      net-scp (~> 1.1.0)
      net-ssh (~> 2.6.6)

PATH
  remote: .
  specs:
    vagrant-serverspec (0.0.1)
      ci_reporter (~> 1.9.0)
      serverspec (~> 0.12.0)

GEM
  remote: https://rubygems.org/
  specs:
    builder (3.2.2)
    childprocess (0.3.9)
      ffi (~> 1.0, >= 1.0.11)
    ci_reporter (1.9.0)
      builder (>= 2.1.2)
    diff-lcs (1.2.5)
    erubis (2.7.0)
    ffi (1.9.3)
    highline (1.6.20)
    i18n (0.6.5)
    log4r (1.1.10)
    net-scp (1.1.2)
      net-ssh (>= 2.6.5)
    net-ssh (2.6.8)
    rake (10.1.0)
    rspec (2.14.1)
      rspec-core (~> 2.14.0)
      rspec-expectations (~> 2.14.0)
      rspec-mocks (~> 2.14.0)
    rspec-core (2.14.7)
    rspec-expectations (2.14.4)
      diff-lcs (>= 1.1.3, < 2.0)
    rspec-mocks (2.14.4)
    serverspec (0.12.0)
      highline
      net-ssh
      rspec (>= 2.13.0)
      specinfra (>= 0.0.2)
    specinfra (0.0.9)

PLATFORMS
  ruby

DEPENDENCIES
  bundler (~> 1.3)
  rake
  vagrant!
  vagrant-serverspec!
